PATH
  remote: .
  specs:
    oddb2xml (2.6.9)
      htmlentities
      httpi
      mechanize
      minitar
      multi_json
      nokogiri (>= 1.8.2)
      optimist
      ox
      parslet
      rubyXL (~> 3.4.0)
      rubyntlm (= 0.5.1)
      rubyzip
      savon
      sax-machine
      spreadsheet
      xml-simple

GEM
  remote: https://rubygems.org/
  specs:
    addressable (2.7.0)
      public_suffix (>= 2.0.2, < 5.0)
    akami (1.3.1)
      gyoku (>= 0.4.0)
      nokogiri
    builder (3.2.4)
    byebug (11.1.3)
    coderay (1.1.3)
    connection_pool (2.2.3)
    crack (0.4.3)
      safe_yaml (~> 1.0.0)
    diff-lcs (1.4.3)
    domain_name (0.5.20190701)
      unf (>= 0.0.5, < 1.0.0)
    flexmock (2.3.6)
    gyoku (1.3.1)
      builder (>= 2.1.2)
    hashdiff (1.0.1)
    htmlentities (4.3.4)
    http-cookie (1.0.3)
      domain_name (~> 0.5)
    httpi (2.4.4)
      rack
      socksify
    mechanize (2.7.6)
      domain_name (~> 0.5, >= 0.5.1)
      http-cookie (~> 1.0)
      mime-types (>= 1.17.2)
      net-http-digest_auth (~> 1.1, >= 1.1.1)
      net-http-persistent (>= 2.5.2)
      nokogiri (~> 1.6)
      ntlm-http (~> 0.1, >= 0.1.1)
      webrobots (>= 0.0.9, < 0.2)
    method_source (1.0.0)
    mime-types (3.3.1)
      mime-types-data (~> 3.2015)
    mime-types-data (3.2020.0512)
    mini_portile2 (2.4.0)
    minitar (0.9)
    multi_json (1.14.1)
    net-http-digest_auth (1.4.1)
    net-http-persistent (4.0.0)
      connection_pool (~> 2.2)
    nokogiri (1.10.9)
      mini_portile2 (~> 2.4.0)
    nori (2.6.0)
    ntlm-http (0.1.1)
    optimist (3.0.1)
    ox (2.13.2)
    parslet (2.0.0)
    pry (0.13.1)
      coderay (~> 1.1)
      method_source (~> 1.0)
    pry-byebug (3.9.0)
      byebug (~> 11.0)
      pry (~> 0.13.0)
    pry-doc (1.1.0)
      pry (~> 0.11)
      yard (~> 0.9.11)
    public_suffix (4.0.5)
    rack (2.2.3)
    rake (13.0.1)
    rdoc (6.2.1)
    rspec (3.9.0)
      rspec-core (~> 3.9.0)
      rspec-expectations (~> 3.9.0)
      rspec-mocks (~> 3.9.0)
    rspec-core (3.9.2)
      rspec-support (~> 3.9.3)
    rspec-expectations (3.9.2)
      diff-lcs (>= 1.2.0, < 2.0)
      rspec-support (~> 3.9.0)
    rspec-mocks (3.9.1)
      diff-lcs (>= 1.2.0, < 2.0)
      rspec-support (~> 3.9.0)
    rspec-support (3.9.3)
    ruby-ole (1.2.12.2)
    rubyXL (3.4.14)
      nokogiri (>= 1.10.8)
      rubyzip (>= 1.3.0)
    rubyntlm (0.5.1)
    rubyzip (2.3.0)
    safe_yaml (1.0.5)
    savon (2.12.0)
      akami (~> 1.2)
      builder (>= 2.1.2)
      gyoku (~> 1.2)
      httpi (~> 2.3)
      nokogiri (>= 1.8.1)
      nori (~> 2.4)
      wasabi (~> 3.4)
    sax-machine (1.3.2)
    socksify (1.7.1)
    spreadsheet (1.2.6)
      ruby-ole (>= 1.0)
    timecop (0.9.1)
    unf (0.1.4)
      unf_ext
    unf_ext (0.0.7.7)
    vcr (6.0.0)
    wasabi (3.5.0)
      httpi (~> 2.0)
      nokogiri (>= 1.4.2)
    webmock (3.8.3)
      addressable (>= 2.3.6)
      crack (>= 0.3.2)
      hashdiff (>= 0.4.0, < 2.0.0)
    webrobots (0.1.2)
    xml-simple (1.1.5)
    yard (0.9.25)

PLATFORMS
  ruby

DEPENDENCIES
  bundler
  flexmock
  oddb2xml!
  pry-byebug
  pry-doc
  rake
  rdoc
  rspec
  timecop
  vcr
  webmock

BUNDLED WITH
   2.1.4
