GEM
  remote: https://rubygems.org/
  specs:
    addressable (2.3.2)
    akami (1.2.0)
      gyoku (>= 0.4.0)
      nokogiri (>= 1.4.0)
    archive-tar-minitar (0.5.2)
    builder (3.1.4)
    crack (0.3.1)
    diff-lcs (1.1.3)
    domain_name (0.5.7)
      unf (~> 0.0.3)
    gyoku (1.0.0)
      builder (>= 2.1.2)
    hoe (3.6.3)
      rake (>= 0.8, < 11.0)
    httpi (2.0.0)
      rack
    json (1.8.0)
    mechanize (2.5.1)
      domain_name (~> 0.5, >= 0.5.1)
      mime-types (~> 1.17, >= 1.17.2)
      net-http-digest_auth (~> 1.1, >= 1.1.1)
      net-http-persistent (~> 2.5, >= 2.5.2)
      nokogiri (~> 1.4)
      ntlm-http (~> 0.1, >= 0.1.1)
      webrobots (~> 0.0, >= 0.0.9)
    mime-types (1.19)
    net-http-digest_auth (1.2.1)
    net-http-persistent (2.8)
    nokogiri (1.5.6)
    nori (2.0.0)
    ntlm-http (0.1.1)
    rack (1.4.3)
    rake (10.1.0)
    rdoc (4.0.1)
      json (~> 1.4)
    rspec (2.12.0)
      rspec-core (~> 2.12.0)
      rspec-expectations (~> 2.12.0)
      rspec-mocks (~> 2.12.0)
    rspec-core (2.12.2)
    rspec-expectations (2.12.1)
      diff-lcs (~> 1.1.3)
    rspec-mocks (2.12.1)
    ruby-ole (1.2.11.6)
    rubyzip (0.9.9)
    savon (2.0.2)
      akami (~> 1.2.0)
      builder (>= 2.1.2)
      gyoku (~> 1.0.0)
      httpi (~> 2.0.0)
      nokogiri (>= 1.4.0)
      nori (~> 2.0.0)
      wasabi (~> 3.0.0)
    spreadsheet (0.7.5)
      ruby-ole (>= 1.0)
    unf (0.0.5)
      unf_ext
    unf_ext (0.0.5)
    wasabi (3.0.0)
      httpi (~> 2.0)
      nokogiri (>= 1.4.0)
    webmock (1.9.0)
      addressable (>= 2.2.7)
      crack (>= 0.1.7)
    webrobots (0.0.13)

PLATFORMS
  ruby

DEPENDENCIES
  archive-tar-minitar
  hoe (>= 3.4)
  mechanize (~> 2.5.1)
  nokogiri
  rdoc
  rspec
  rubyzip
  savon (>= 2.0)
  spreadsheet
  webmock
